GEM
  remote: http://rubygems.org/
  specs:
    ADB (0.5.5)
      childprocess (>= 0.3.5)
    brazenhead (0.4.5)
      childprocess (>= 0.3.5)
    childprocess (0.3.8)
      ffi (~> 1.0, >= 1.0.11)
    diff-lcs (1.2.1)
    ffi (1.4.0)
    gametel (0.5.5)
      ADB (>= 0.5.4)
      brazenhead (>= 0.4.5)
      page_navigation (>= 0.3)
    page_navigation (0.6)
    rspec (2.13.0)
      rspec-core (~> 2.13.0)
      rspec-expectations (~> 2.13.0)
      rspec-mocks (~> 2.13.0)
    rspec-core (2.13.0)
    rspec-expectations (2.13.0)
      diff-lcs (>= 1.1.3, < 2.0)
    rspec-mocks (2.13.0)

PLATFORMS
  ruby

DEPENDENCIES
  gametel
  rspec
